PATH
  remote: .
  specs:
    wolfram_databin (0.0.6)

GEM
  remote: https://rubygems.org/
  specs:
    codeclimate-test-reporter (0.4.0)
      simplecov (>= 0.7.1, < 1.0.0)
    docile (1.1.5)
    httpclient (2.6.0.1)
    minitest (5.4.0)
    multi_json (1.10.1)
    simplecov (0.9.0)
      docile (~> 1.1.0)
      multi_json
      simplecov-html (~> 0.8.0)
    simplecov-html (0.8.0)

PLATFORMS
  ruby

DEPENDENCIES
  codeclimate-test-reporter
  httpclient
  minitest
  wolfram_databin!
