PATH
  remote: .
  specs:
    wolfram_databin (0.1.8)

GEM
  remote: https://rubygems.org/
  specs:
    codeclimate-test-reporter (1.0.9)
      simplecov (<= 0.13)
    docile (1.1.5)
    hurley (0.2)
    json (2.3.1)
    minitest (5.14.1)
    simplecov (0.13.0)
      docile (~> 1.1.0)
      json (>= 1.8, < 3)
      simplecov-html (~> 0.10.0)
    simplecov-html (0.10.2)

PLATFORMS
  ruby

DEPENDENCIES
  codeclimate-test-reporter
  hurley
  minitest
  wolfram_databin!

RUBY VERSION
   ruby 2.6.6p146

BUNDLED WITH
   1.17.3
